GEM
  remote: http://rubygems.org/
  specs:
    rugged (0.23.3)

PLATFORMS
  ruby

DEPENDENCIES
  rugged

BUNDLED WITH
   1.11.2
